PATH
  remote: .
  specs:
    stardog-ruby (0.1.0)
      activesupport
      multi_json
      rdf
      rest-client
      sparql-client

GEM
  remote: https://rubygems.org/
  specs:
    activesupport (3.2.13)
      i18n (= 0.6.1)
      multi_json (~> 1.0)
    addressable (2.3.4)
    crack (0.3.2)
    diff-lcs (1.2.4)
    github-markup (0.7.5)
    i18n (0.6.1)
    json_pure (1.8.0)
    mime-types (1.23)
    multi_json (1.7.3)
    net-http-persistent (2.8)
    oj (2.0.13)
    rake (10.0.4)
    randexp (0.1.7)
    rdf (1.0.6)
      addressable (>= 2.2)
    redcarpet (2.3.0)
    rest-client (1.6.7)
      mime-types (>= 1.16)
    rspec (2.13.0)
      rspec-core (~> 2.13.0)
      rspec-expectations (~> 2.13.0)
      rspec-mocks (~> 2.13.0)
    rspec-core (2.13.1)
    rspec-expectations (2.13.0)
      diff-lcs (>= 1.1.3, < 2.0)
    rspec-mocks (2.13.1)
    sparql-client (1.0.1)
      json_pure (>= 1.4)
      net-http-persistent (>= 1.4)
      rdf (>= 1.0)
    webmock (1.11.0)
      addressable (>= 2.2.7)
      crack (>= 0.3.2)
    yard (0.8.6.1)

PLATFORMS
  ruby

DEPENDENCIES
  github-markup
  oj
  rake
  randexp
  redcarpet
  rspec
  stardog-ruby!
  webmock
  yard
